GEM
  remote: http://rubygems.org/
  specs:
    addressable (2.2.8)
    backports (2.6.1)
    diff-lcs (1.1.3)
    faraday (0.8.1)
      multipart-post (~> 1.1)
    git (1.2.5)
    httpauth (0.1)
    launchy (2.1.0)
      addressable (~> 2.2.6)
    multi_json (1.3.6)
    multipart-post (1.1.5)
    oauth2 (0.7.1)
      faraday (~> 0.8)
      httpauth (~> 0.1)
      multi_json (~> 1.0)
      rack (~> 1.4)
    rack (1.4.1)
    rspec (2.10.0)
      rspec-core (~> 2.10.0)
      rspec-expectations (~> 2.10.0)
      rspec-mocks (~> 2.10.0)
    rspec-core (2.10.1)
    rspec-expectations (2.10.0)
      diff-lcs (~> 1.1.3)
    rspec-mocks (2.10.1)

PLATFORMS
  ruby

DEPENDENCIES
  backports (~> 2.6.0)
  git (~> 1.2.5)
  launchy (~> 2.1.0)
  oauth2 (~> 0.7.1)
  rspec (~> 2.10.0)
  rspec-mocks (~> 2.10.0)
