GEM
  remote: http://rubygems.org/
  specs:
    addressable (2.2.8)
    crack (0.3.1)
    diff-lcs (1.1.3)
    faraday (0.8.1)
      multipart-post (~> 1.1)
    faraday_middleware (0.8.7)
      faraday (>= 0.7.4, < 0.9)
    hashie (1.2.0)
    highline (1.6.12)
    json (1.7.3)
    launchy (2.1.0)
      addressable (~> 2.2.6)
    multi_json (1.3.6)
    multipart-post (1.1.5)
    octokit (1.4.0)
      addressable (~> 2.2)
      faraday (~> 0.8)
      faraday_middleware (~> 0.8)
      hashie (~> 1.2)
      multi_json (~> 1.3)
    rake (0.9.2)
    redcarpet (2.1.1)
    rspec (2.10.0)
      rspec-core (~> 2.10.0)
      rspec-expectations (~> 2.10.0)
      rspec-mocks (~> 2.10.0)
    rspec-core (2.10.1)
    rspec-expectations (2.10.0)
      diff-lcs (~> 1.1.3)
    rspec-mocks (2.10.1)
    system_timer (1.2.4)
    termios (0.9.4)
    trollop (1.16.2)
    webmock (1.8.7)
      addressable (>= 2.2.7)
      crack (>= 0.1.7)
    yard (0.8.2.1)

PLATFORMS
  ruby

DEPENDENCIES
  highline (~> 1.6.12)
  json (~> 1.7.3)
  launchy (~> 2.1.0)
  octokit (~> 1.4.0)
  rake (~> 0.9.2)
  redcarpet (~> 2.1.1)
  rspec (~> 2.10.0)
  rspec-mocks (~> 2.10.0)
  system_timer (~> 1.2.4)
  termios (~> 0.9.4)
  trollop (~> 1.16.2)
  webmock (~> 1.8.7)
  yard (~> 0.8.2.1)
